GEM
  remote: http://rubygems.org/
  specs:
    thor (0.19.1)

PLATFORMS
  ruby

DEPENDENCIES
  thor (~> 0.9)

BUNDLED WITH
   1.10.6
